GEM
  remote: https://rubygems.org/
  specs:
    byebug (5.0.0)
      columnize (= 0.9.0)
    columnize (0.9.0)
    highline (1.7.8)
    minitest (5.8.4)

PLATFORMS
  ruby

DEPENDENCIES
  byebug
  highline
  minitest

BUNDLED WITH
   1.11.2
